PATH
  remote: ..
  specs:
    batch_repo (0.1.0)

GEM
  specs:

PLATFORMS
  arm64-darwin-20

DEPENDENCIES
  batch_repo!

BUNDLED WITH
   2.3.4
