PATH
  remote: .
  specs:
    batch_ruby (0.1.0)
      file-transaction (~> 1.0.0)
      thor (~> 1.1.0)

GEM
  remote: https://rubygems.org/
  specs:
    file-transaction (1.0.0)
    thor (1.1.0)

PLATFORMS
  arm64-darwin-20

DEPENDENCIES
  batch_ruby!

BUNDLED WITH
   2.2.24
